GEM
  remote: https://rubygems.org/
  specs:
    execjs (2.2.2)
    json (1.8.1)
    uglifier (2.5.3)
      execjs (>= 0.3.0)
      json (>= 1.8.0)

PLATFORMS
  ruby

DEPENDENCIES
  uglifier
